GEM
  remote: https://rubygems.org/
  specs:
    cool.io (1.1.1)
      iobuffer (>= 1.0.0)
    dummer (0.3.3)
      fluent-logger
      serverengine
      thor
    fluent-logger (0.4.7)
      msgpack (>= 0.4.4, < 0.6.0, != 0.5.3, != 0.5.2, != 0.5.1, != 0.5.0)
      yajl-ruby (~> 1.0)
    fluent-plugin-flowcounter-simple (0.0.3)
      fluentd
    fluent-plugin-multiprocess (0.1.0)
      fluentd (~> 0.10.0)
      serverengine (~> 1.5.5)
    fluentd (0.10.43)
      cool.io (~> 1.1.1)
      http_parser.rb (~> 0.5.1)
      json (>= 1.4.3)
      msgpack (>= 0.4.4, < 0.6.0, != 0.5.3, != 0.5.2, != 0.5.1, != 0.5.0)
      sigdump (~> 0.2.2)
      yajl-ruby (~> 1.0)
    http_parser.rb (0.5.3)
    iobuffer (1.1.2)
    json (1.8.1)
    msgpack (0.5.8)
    serverengine (1.5.7)
      sigdump (~> 0.2.2)
    sigdump (0.2.2)
    thor (0.18.1)
    yajl-ruby (1.2.0)

PLATFORMS
  ruby

DEPENDENCIES
  dummer
  fluent-plugin-flowcounter-simple
  fluent-plugin-multiprocess
  fluentd
